GIT
  remote: git://github.com/sinatra/sinatra.git
  revision: b8935900461766894c70f4c768a514bb868f391b
  specs:
    rack-protection (2.0.0)
      rack
    sinatra (2.0.0)
      mustermann (~> 1.0)
      rack (~> 2.0)
      rack-protection (= 2.0.0)
      tilt (~> 2.0)

GEM
  remote: http://rubygems.org/
  specs:
    ffi (1.9.18)
    haml (5.0.1)
      temple (>= 0.8.0)
      tilt
    kramdown (1.14.0)
    liquid (4.0.0)
    mustermann (1.0.0)
    rack (2.0.3)
    rb-fsevent (0.10.2)
    rb-inotify (0.9.10)
      ffi (>= 0.5.0, < 2)
    sass (3.5.1)
      sass-listen (~> 4.0.0)
    sass-listen (4.0.0)
      rb-fsevent (~> 0.9, >= 0.9.4)
      rb-inotify (~> 0.9, >= 0.9.7)
    temple (0.8.0)
    tilt (2.0.7)

PLATFORMS
  ruby

DEPENDENCIES
  haml
  kramdown
  liquid
  sass
  sinatra!

BUNDLED WITH
   1.13.4
